GEM
  remote: https://rubygems.org/
  specs:
    ethon (0.15.0)
      ffi (>= 1.15.0)
    ffi (1.15.5)
    jwt (2.3.0)
    typhoeus (1.4.0)
      ethon (>= 0.9.0)

PLATFORMS
  x86_64-linux

DEPENDENCIES
  jwt
  typhoeus (~> 1.4)

RUBY VERSION
   ruby 2.7.0p0

BUNDLED WITH
   2.3.5
